RESTRICTION: == net472
NUGET
  remote: https://api.nuget.org/v3/index.json
    Microsoft.Bcl.AsyncInterfaces (1.1)
      System.Threading.Tasks.Extensions (>= 4.5.2)
    Microsoft.Bcl.HashCode (1.1)
    Microsoft.Data.SqlClient (1.1.1)
      Microsoft.Data.SqlClient.SNI (>= 1.1 < 1.2)
      Microsoft.Identity.Client (>= 3.0.8)
      Microsoft.IdentityModel.JsonWebTokens (>= 5.5)
      Microsoft.IdentityModel.Protocols.OpenIdConnect (>= 5.5)
      System.Data.Common (>= 4.3)
    Microsoft.Data.SqlClient.SNI (1.1.1)
    Microsoft.EntityFrameworkCore (3.1.2)
      Microsoft.Bcl.AsyncInterfaces (>= 1.1)
      Microsoft.Bcl.HashCode (>= 1.1)
      Microsoft.EntityFrameworkCore.Abstractions (>= 3.1.2)
      Microsoft.EntityFrameworkCore.Analyzers (>= 3.1.2)
      Microsoft.Extensions.Caching.Memory (>= 3.1.2)
      Microsoft.Extensions.DependencyInjection (>= 3.1.2)
      Microsoft.Extensions.Logging (>= 3.1.2)
      System.Collections.Immutable (>= 1.7)
      System.ComponentModel.Annotations (>= 4.7)
      System.Diagnostics.DiagnosticSource (>= 4.7)
    Microsoft.EntityFrameworkCore.Abstractions (3.1.2)
    Microsoft.EntityFrameworkCore.Analyzers (3.1.2)
    Microsoft.EntityFrameworkCore.Relational (3.1.2)
      Microsoft.EntityFrameworkCore (>= 3.1.2)
    Microsoft.EntityFrameworkCore.SqlServer (3.1.2)
      Microsoft.Data.SqlClient (>= 1.0.19269.1)
      Microsoft.EntityFrameworkCore.Relational (>= 3.1.2)
    Microsoft.Extensions.Caching.Abstractions (3.1.2)
      Microsoft.Extensions.Primitives (>= 3.1.2)
    Microsoft.Extensions.Caching.Memory (3.1.2)
      Microsoft.Extensions.Caching.Abstractions (>= 3.1.2)
      Microsoft.Extensions.DependencyInjection.Abstractions (>= 3.1.2)
      Microsoft.Extensions.Logging.Abstractions (>= 3.1.2)
      Microsoft.Extensions.Options (>= 3.1.2)
    Microsoft.Extensions.Configuration (3.1.2)
      Microsoft.Extensions.Configuration.Abstractions (>= 3.1.2)
    Microsoft.Extensions.Configuration.Abstractions (3.1.2)
      Microsoft.Extensions.Primitives (>= 3.1.2)
    Microsoft.Extensions.Configuration.Binder (3.1.2)
      Microsoft.Extensions.Configuration (>= 3.1.2)
    Microsoft.Extensions.DependencyInjection (3.1.2)
      Microsoft.Bcl.AsyncInterfaces (>= 1.1)
      Microsoft.Extensions.DependencyInjection.Abstractions (>= 3.1.2)
    Microsoft.Extensions.DependencyInjection.Abstractions (3.1.2)
    Microsoft.Extensions.Logging (3.1.2)
      Microsoft.Extensions.Configuration.Binder (>= 3.1.2)
      Microsoft.Extensions.DependencyInjection (>= 3.1.2)
      Microsoft.Extensions.Logging.Abstractions (>= 3.1.2)
      Microsoft.Extensions.Options (>= 3.1.2)
    Microsoft.Extensions.Logging.Abstractions (3.1.2)
    Microsoft.Extensions.Options (3.1.2)
      Microsoft.Extensions.DependencyInjection.Abstractions (>= 3.1.2)
      Microsoft.Extensions.Primitives (>= 3.1.2)
      System.ComponentModel.Annotations (>= 4.7)
    Microsoft.Extensions.Primitives (3.1.2)
      System.Memory (>= 4.5.2)
      System.Runtime.CompilerServices.Unsafe (>= 4.7)
    Microsoft.Identity.Client (4.8.2)
    Microsoft.IdentityModel.JsonWebTokens (5.6)
      Microsoft.IdentityModel.Tokens (>= 5.6)
      Newtonsoft.Json (>= 10.0.1)
    Microsoft.IdentityModel.Logging (5.6)
    Microsoft.IdentityModel.Protocols (5.6)
      Microsoft.IdentityModel.Logging (>= 5.6)
      Microsoft.IdentityModel.Tokens (>= 5.6)
    Microsoft.IdentityModel.Protocols.OpenIdConnect (5.6)
      Microsoft.IdentityModel.Protocols (>= 5.6)
      Newtonsoft.Json (>= 10.0.1)
      System.IdentityModel.Tokens.Jwt (>= 5.6)
    Microsoft.IdentityModel.Tokens (5.6)
      Microsoft.IdentityModel.Logging (>= 5.6)
      Newtonsoft.Json (>= 10.0.1)
    Newtonsoft.Json (12.0.3)
    System.Buffers (4.5)
    System.Collections.Immutable (1.7)
      System.Memory (>= 4.5.3)
    System.ComponentModel.Annotations (4.7)
    System.Data.Common (4.3)
    System.Diagnostics.DiagnosticSource (4.7)
      System.Memory (>= 4.5.3)
    System.IdentityModel.Tokens.Jwt (5.6)
      Microsoft.IdentityModel.JsonWebTokens (>= 5.6)
      Microsoft.IdentityModel.Tokens (>= 5.6)
      Newtonsoft.Json (>= 10.0.1)
    System.Memory (4.5.3)
      System.Buffers (>= 4.4)
      System.Numerics.Vectors (>= 4.4)
      System.Runtime.CompilerServices.Unsafe (>= 4.5.2)
    System.Numerics.Vectors (4.5)
    System.Runtime.CompilerServices.Unsafe (4.7)
    System.Threading.Tasks.Extensions (4.5.3)
      System.Runtime.CompilerServices.Unsafe (>= 4.5.2)
